GEM
  remote: http://rubygems.org/
  specs:
    POpen4 (0.1.4)
      Platform (>= 0.4.0)
      open4
    Platform (0.4.0)
    RedCloth (4.2.8)
    activesupport (3.2.8)
      i18n (~> 0.6)
      multi_json (~> 1.0)
    albino (1.3.3)
      posix-spawn (>= 0.3.6)
    binding_of_caller (0.6.2)
    blankslate (2.1.2.4)
    bourbon (1.3.6)
      sass (>= 3.1)
    builder (3.1.4)
    chunky_png (1.2.1)
    classifier (1.3.3)
      fast-stemmer (>= 1.0.0)
    coderay (1.0.5)
    coffee-script (2.2.0)
      coffee-script-source
      execjs
    coffee-script-source (1.2.0)
    compass (0.11.5)
      chunky_png (~> 1.2)
      fssm (>= 0.2.7)
      sass (~> 3.1)
    curb (0.8.1)
    directory_watcher (1.4.0)
    execjs (1.3.0)
      multi_json (~> 1.0)
    fast-stemmer (1.0.0)
    feedzirra (0.0.24)
      activesupport (>= 2.3.8)
      builder (>= 2.1.2)
      curb (>= 0.2.3)
      loofah (>= 0.3.1)
      nokogiri (> 0.0.0)
      sax-machine (>= 0.0.12)
    ffi (1.0.9)
    fssm (0.2.7)
    google_plus (0.2.0)
      json
      rest-client (~> 1.6.1)
    haml (3.1.2)
    i18n (0.6.1)
    jammit (0.6.5)
      yui-compressor (>= 0.9.3)
    jekyll (0.11.0)
      albino (>= 1.3.2)
      classifier (>= 1.3.1)
      directory_watcher (>= 1.1.1)
      kramdown (>= 0.13.2)
      liquid (>= 1.9.0)
      maruku (>= 0.5.9)
    jekyll-reposter (0.1.8)
      curb (~> 0.8)
      feedzirra
      sanitize
      stringex
    json (1.6.5)
    kramdown (0.13.3)
    liquid (2.2.2)
    loofah (1.2.1)
      nokogiri (>= 1.4.4)
    maruku (0.6.0)
      syntax (>= 1.0.0)
    method_source (0.7.0)
    mime-types (1.17.2)
    multi_json (1.1.0)
    mysql (2.8.1)
    nokogiri (1.5.0)
    open4 (1.3.0)
    posix-spawn (0.3.6)
    pry (0.9.8.1)
      coderay (~> 1.0.5)
      method_source (~> 0.7)
      slop (>= 2.4.3, < 3)
    pry-nav (0.1.0)
      pry (~> 0.9.8.1)
    pry-stack_explorer (0.3.8)
      binding_of_caller (~> 0.6.2)
      pry (~> 0.9.8)
    pygments.rb (0.1.3)
      rubypython (>= 0.5.1)
    rack (1.3.2)
    rake (0.9.2)
    rb-fsevent (0.4.3.1)
    rb-inotify (0.8.8)
      ffi (>= 0.5.0)
    rdiscount (1.6.8)
    rest-client (1.6.7)
      mime-types (>= 1.16)
    rubypants (0.2.0)
    rubypython (0.5.1)
      blankslate (>= 2.1.2.3)
      ffi (~> 1.0.7)
    sanitize (2.0.3)
      nokogiri (>= 1.4.4, < 1.6)
    sass (3.1.5)
    sax-machine (0.1.0)
      nokogiri (> 0.0.0)
    sequel (3.32.0)
    sinatra (1.2.6)
      rack (~> 1.1)
      tilt (>= 1.2.2, < 2.0)
    slop (2.4.4)
    sqlite3 (1.3.5)
    stringex (1.3.2)
    syntax (1.0.0)
    tilt (1.3.2)
    uglifier (1.2.3)
      execjs (>= 0.3.0)
      multi_json (>= 1.0.2)
    yui-compressor (0.9.6)
      POpen4 (>= 0.1.4)

PLATFORMS
  ruby

DEPENDENCIES
  RedCloth
  bourbon
  coffee-script
  compass (>= 0.11)
  google_plus
  haml (>= 3.1)
  jammit
  jekyll
  jekyll-reposter
  liquid (= 2.2.2)
  mysql
  nokogiri
  pry
  pry-nav
  pry-stack_explorer
  pygments.rb
  rack
  rake
  rb-fsevent
  rb-inotify
  rdiscount
  rubypants
  sequel
  sinatra (= 1.2.6)
  sqlite3
  stringex
  uglifier
